GEM
  remote: https://rubygems.org/
  specs:
    minitest (4.3.2)
    rake (0.9.6)

PLATFORMS
  ruby

DEPENDENCIES
  minitest
  rake
